GIT
  remote: https://github.com/laserlemon/figaro
  revision: e16f2d47f6516e8420ce21c9de76785d9f244bae
  specs:
    figaro (0.7.0)
      rails (>= 3, < 5)
      thor (~> 0.14)

GEM
  remote: https://rubygems.org/
  specs:
    actionmailer (4.1.0.rc1)
      actionpack (= 4.1.0.rc1)
      actionview (= 4.1.0.rc1)
      mail (~> 2.5.4)
    actionpack (4.1.0.rc1)
      actionview (= 4.1.0.rc1)
      activesupport (= 4.1.0.rc1)
      rack (~> 1.5.2)
      rack-test (~> 0.6.2)
    actionview (4.1.0.rc1)
      activesupport (= 4.1.0.rc1)
      builder (~> 3.1)
      erubis (~> 2.7.0)
    activemodel (4.1.0.rc1)
      activesupport (= 4.1.0.rc1)
      builder (~> 3.1)
    activerecord (4.1.0.rc1)
      activemodel (= 4.1.0.rc1)
      activesupport (= 4.1.0.rc1)
      arel (~> 5.0.0)
    activesupport (4.1.0.rc1)
      i18n (~> 0.6, >= 0.6.9)
      json (~> 1.7, >= 1.7.7)
      minitest (~> 5.1)
      thread_safe (~> 0.1)
      tzinfo (~> 1.1)
    addressable (2.3.5)
    arel (5.0.0)
    atomic (1.1.15)
    autoparse (0.3.3)
      addressable (>= 2.3.1)
      extlib (>= 0.9.15)
      multi_json (>= 1.0.0)
    bcrypt (3.1.7)
    bcrypt-ruby (3.1.5)
      bcrypt (>= 3.1.3)
    bootstrap-sass (3.1.1.0)
      sass (~> 3.2)
    builder (3.2.2)
    coffee-rails (4.0.1)
      coffee-script (>= 2.2.0)
      railties (>= 4.0.0, < 5.0)
    coffee-script (2.2.0)
      coffee-script-source
      execjs
    coffee-script-source (1.7.0)
    devise (3.2.3)
      bcrypt-ruby (~> 3.0)
      orm_adapter (~> 0.1)
      railties (>= 3.2.6, < 5)
      thread_safe (~> 0.1)
      warden (~> 1.2.3)
    diff-lcs (1.2.5)
    dotenv (0.10.0)
    erubis (2.7.0)
    execjs (2.0.2)
    extlib (0.9.16)
    faraday (0.9.0)
      multipart-post (>= 1.2, < 3)
    foreman (0.63.0)
      dotenv (>= 0.7)
      thor (>= 0.13.6)
    google-api-client (0.7.1)
      addressable (>= 2.3.2)
      autoparse (>= 0.3.3)
      extlib (>= 0.9.15)
      faraday (>= 0.9.0)
      jwt (>= 0.1.5)
      launchy (>= 2.1.1)
      multi_json (>= 1.0.0)
      retriable (>= 1.4)
      signet (>= 0.5.0)
      uuidtools (>= 2.1.0)
    handlebars_assets (0.15)
      execjs (>= 1.2.9)
      multi_json
      sprockets (>= 2.0.3)
      tilt
    hike (1.2.3)
    i18n (0.6.9)
    jbuilder (1.5.3)
      activesupport (>= 3.0.0)
      multi_json (>= 1.2.0)
    jquery-rails (3.1.0)
      railties (>= 3.0, < 5.0)
      thor (>= 0.14, < 2.0)
    js-routes (0.9.7)
      railties (>= 3.2)
      sprockets-rails
    json (1.8.1)
    jwt (0.1.11)
      multi_json (>= 1.5)
    launchy (2.4.2)
      addressable (~> 2.3)
    mail (2.5.4)
      mime-types (~> 1.16)
      treetop (~> 1.4.8)
    mime-types (1.25.1)
    minitest (5.3.0)
    mono_logger (1.1.0)
    multi_json (1.9.0)
    multipart-post (2.0.0)
    orm_adapter (0.5.0)
    pg (0.17.1)
    polyglot (0.3.4)
    rack (1.5.2)
    rack-protection (1.5.2)
      rack
    rack-test (0.6.2)
      rack (>= 1.0)
    rails (4.1.0.rc1)
      actionmailer (= 4.1.0.rc1)
      actionpack (= 4.1.0.rc1)
      actionview (= 4.1.0.rc1)
      activemodel (= 4.1.0.rc1)
      activerecord (= 4.1.0.rc1)
      activesupport (= 4.1.0.rc1)
      bundler (>= 1.3.0, < 2.0)
      railties (= 4.1.0.rc1)
      sprockets-rails (~> 2.0.0)
    rails_12factor (0.0.2)
      rails_serve_static_assets
      rails_stdout_logging
    rails_serve_static_assets (0.0.2)
    rails_stdout_logging (0.0.3)
    railties (4.1.0.rc1)
      actionpack (= 4.1.0.rc1)
      activesupport (= 4.1.0.rc1)
      rake (>= 0.8.7)
      thor (>= 0.18.1, < 2.0)
    rake (10.1.1)
    rdoc (4.1.1)
      json (~> 1.4)
    redis (3.0.7)
    redis-namespace (1.4.1)
      redis (~> 3.0.4)
    resque (1.25.2)
      mono_logger (~> 1.0)
      multi_json (~> 1.0)
      redis-namespace (~> 1.3)
      sinatra (>= 0.9.2)
      vegas (~> 0.1.2)
    resque-scheduler (2.5.5)
      mono_logger (~> 1.0)
      redis (~> 3.0.4)
      resque (~> 1.25.1)
      rufus-scheduler (~> 2.0.24)
    retriable (1.4.1)
    rspec-core (2.14.8)
    rspec-expectations (2.14.5)
      diff-lcs (>= 1.1.3, < 2.0)
    rspec-mocks (2.14.6)
    rspec-rails (2.14.1)
      actionpack (>= 3.0)
      activemodel (>= 3.0)
      activesupport (>= 3.0)
      railties (>= 3.0)
      rspec-core (~> 2.14.0)
      rspec-expectations (~> 2.14.0)
      rspec-mocks (~> 2.14.0)
    rufus-scheduler (2.0.24)
      tzinfo (>= 0.3.22)
    sass (3.3.1)
    sass-rails (4.0.1)
      railties (>= 4.0.0, < 5.0)
      sass (>= 3.1.10)
      sprockets-rails (~> 2.0.0)
    sdoc (0.4.0)
      json (~> 1.8)
      rdoc (~> 4.0, < 5.0)
    signet (0.5.0)
      addressable (>= 2.2.3)
      faraday (>= 0.9.0.rc5)
      jwt (>= 0.1.5)
      multi_json (>= 1.0.0)
    sinatra (1.4.4)
      rack (~> 1.4)
      rack-protection (~> 1.4)
      tilt (~> 1.3, >= 1.3.4)
    spring (1.1.2)
    sprockets (2.11.0)
      hike (~> 1.2)
      multi_json (~> 1.0)
      rack (~> 1.0)
      tilt (~> 1.1, != 1.3.0)
    sprockets-rails (2.0.1)
      actionpack (>= 3.0)
      activesupport (>= 3.0)
      sprockets (~> 2.8)
    thor (0.18.1)
    thread_safe (0.2.0)
      atomic (>= 1.1.7, < 2)
    tilt (1.4.1)
    treetop (1.4.15)
      polyglot
      polyglot (>= 0.3.1)
    turbolinks (2.2.1)
      coffee-rails
    tzinfo (1.1.0)
      thread_safe (~> 0.1)
    uglifier (2.4.0)
      execjs (>= 0.3.0)
      json (>= 1.8.0)
    uuidtools (2.1.4)
    vegas (0.1.11)
      rack (>= 1.0.0)
    warden (1.2.3)
      rack (>= 1.0)

PLATFORMS
  ruby

DEPENDENCIES
  bootstrap-sass (>= 3.1.0)
  coffee-rails (~> 4.0.0)
  devise
  figaro!
  foreman
  google-api-client
  handlebars_assets
  jbuilder (~> 1.2)
  jquery-rails
  js-routes
  pg
  rails (>= 4.1.0.beta1)
  rails_12factor
  rails_serve_static_assets
  resque
  resque-scheduler
  rspec-rails (~> 2.0)
  sass-rails (~> 4.0.0.rc1)
  sdoc
  spring
  turbolinks
  uglifier (>= 1.3.0)
